GEM
  remote: https://rubygems.org/
  specs:
    ast (2.4.0)
    opal (1.0.2)
      ast (>= 2.3.0)
      parser (~> 2.6)
    opal-jquery (0.4.4)
      opal (>= 0.10.0, < 1.1)
    parser (2.7.0.0)
      ast (~> 2.4.0)

PLATFORMS
  ruby

DEPENDENCIES
  opal
  opal-jquery

BUNDLED WITH
   2.1.2
